GEM
  remote: https://rubygems.org/
  specs:
    coderay (1.1.3)
    commonjs (0.2.7)
    ffi (1.13.1)
    kramdown (1.17.0)
    less (2.6.0)
      commonjs (~> 0.2.7)
    listen (3.2.1)
      rb-fsevent (~> 0.10, >= 0.10.3)
      rb-inotify (~> 0.9, >= 0.9.10)
    makerakeworkwell (1.0.4)
      rake (>= 0.9.2, < 15)
    method_source (1.0.0)
    pry (0.13.1)
      coderay (~> 1.1)
      method_source (~> 1.0)
    rake (13.0.1)
    rb-fsevent (0.10.4)
    rb-inotify (0.10.1)
      ffi (~> 1.0)
    rerun (0.13.0)
      listen (~> 3.0)
    zenweb (3.10.4)
      coderay (~> 1.0)
      kramdown (~> 1.4)
      less (~> 2.0)
      makerakeworkwell (~> 1.0)
      rake (>= 0.9, < 15)

PLATFORMS
  ruby

DEPENDENCIES
  pry
  rake
  rerun
  zenweb

BUNDLED WITH
   2.1.4
