GEM
  remote: https://rubygems.org/
  specs:
    coderay (1.1.2)
    kramdown (2.1.0)
    kramdown-parser-gfm (1.1.0)
      kramdown (~> 2.0)
    method_source (0.9.2)
    pry (0.12.2)
      coderay (~> 1.1.0)
      method_source (~> 0.9.0)
    rack (2.0.8)
    rake (13.0.1)

PLATFORMS
  ruby

DEPENDENCIES
  kramdown
  kramdown-parser-gfm
  pry
  rack
  rake

BUNDLED WITH
   2.1.2
