GEM
  remote: https://rubygems.org/
  specs:
    kramdown (2.1.0)
    rake (13.0.1)

PLATFORMS
  ruby

DEPENDENCIES
  kramdown
  rake

BUNDLED WITH
   2.1.2
