GEM
  remote: https://rubygems.org/
  specs:
    coderay (1.1.2)
    commonjs (0.2.7)
    kramdown (1.17.0)
    less (2.6.0)
      commonjs (~> 0.2.7)
    makerakeworkwell (1.0.4)
      rake (>= 0.9.2, < 15)
    method_source (0.9.2)
    pry (0.12.2)
      coderay (~> 1.1.0)
      method_source (~> 0.9.0)
    rake (13.0.1)
    zenweb (3.10.4)
      coderay (~> 1.0)
      kramdown (~> 1.4)
      less (~> 2.0)
      makerakeworkwell (~> 1.0)
      rake (>= 0.9, < 15)

PLATFORMS
  ruby

DEPENDENCIES
  pry
  rake
  zenweb

BUNDLED WITH
   2.1.2
